PATH
  remote: .
  specs:
    autosign (0.0.7)
      deep_merge (~> 1)
      gli (~> 2)
      iniparse (~> 1)
      json (~> 1)
      jwt (~> 1)
      logging (~> 2)
      require_all (~> 1)
      safe_yaml (~> 1)
      yard (~> 0.8)

GEM
  remote: https://rubygems.org/
  specs:
    CFPropertyList (2.2.8)
    aruba (0.6.2)
      childprocess (>= 0.3.6)
      cucumber (>= 1.1.1)
      rspec-expectations (>= 2.7.0)
    builder (3.2.2)
    childprocess (0.5.6)
      ffi (~> 1.0, >= 1.0.11)
    coveralls (0.8.2)
      json (~> 1.8)
      rest-client (>= 1.6.8, < 2)
      simplecov (~> 0.10.0)
      term-ansicolor (~> 1.3)
      thor (~> 0.19.1)
    cucumber (2.0.0)
      builder (>= 2.1.2)
      cucumber-core (~> 1.1.3)
      diff-lcs (>= 1.1.3)
      gherkin (~> 2.12)
      multi_json (>= 1.7.5, < 2.0)
      multi_test (>= 0.1.2)
    cucumber-core (1.1.3)
      gherkin (~> 2.12.0)
    deep_merge (1.0.1)
    diff-lcs (1.2.5)
    docile (1.1.5)
    domain_name (0.5.24)
      unf (>= 0.0.5, < 1.0.0)
    facter (2.2.0)
      CFPropertyList (~> 2.2.6)
    ffi (1.9.9)
    ffi (1.9.9-java)
    gherkin (2.12.2)
      multi_json (~> 1.3)
    gherkin (2.12.2-java)
      multi_json (~> 1.3)
    gli (2.13.1)
    hiera (1.3.4)
      json_pure
    http-cookie (1.0.2)
      domain_name (~> 0.5)
    iniparse (1.4.0)
    json (1.8.3)
    json (1.8.3-java)
    json_pure (1.8.1)
    jwt (1.5.1)
    little-plugger (1.1.3)
    logging (2.0.0)
      little-plugger (~> 1.1)
      multi_json (~> 1.10)
    mime-types (2.6.1)
    multi_json (1.11.1)
    multi_test (0.1.2)
    netrc (0.10.3)
    puppet (3.7.0)
      facter (> 1.6, < 3)
      hiera (~> 1.0)
      json_pure
    rake (10.4.2)
    rdoc (4.2.0)
      json (~> 1.4)
    require_all (1.3.2)
    rest-client (1.8.0)
      http-cookie (>= 1.0.2, < 2.0)
      mime-types (>= 1.16, < 3.0)
      netrc (~> 0.7)
    rspec (3.3.0)
      rspec-core (~> 3.3.0)
      rspec-expectations (~> 3.3.0)
      rspec-mocks (~> 3.3.0)
    rspec-core (3.3.1)
      rspec-support (~> 3.3.0)
    rspec-expectations (3.3.0)
      diff-lcs (>= 1.2.0, < 2.0)
      rspec-support (~> 3.3.0)
    rspec-mocks (3.3.1)
      diff-lcs (>= 1.2.0, < 2.0)
      rspec-support (~> 3.3.0)
    rspec-support (3.3.0)
    safe_yaml (1.0.4)
    simplecov (0.10.0)
      docile (~> 1.1.0)
      json (~> 1.8)
      simplecov-html (~> 0.10.0)
    simplecov-html (0.10.0)
    term-ansicolor (1.3.2)
      tins (~> 1.0)
    thor (0.19.1)
    tins (1.5.4)
    unf (0.1.4)
      unf_ext
    unf (0.1.4-java)
    unf_ext (0.0.7.1)
    yard (0.8.7.6)

PLATFORMS
  java
  ruby

DEPENDENCIES
  aruba (~> 0.6)
  autosign!
  coveralls
  cucumber (~> 2)
  puppet (~> 3)
  rake (~> 10)
  rdoc (~> 4)
  rspec (~> 3)
