PATH
  remote: .
  specs:
    autosign (0.0.1)
      deep_merge
      gli (~> 2)
      iniparse (~> 1)
      jwt (~> 1)
      logging

GEM
  remote: https://rubygems.org/
  specs:
    CFPropertyList (2.2.8)
    aruba (0.6.2)
      childprocess (>= 0.3.6)
      cucumber (>= 1.1.1)
      rspec-expectations (>= 2.7.0)
    builder (3.2.2)
    childprocess (0.5.6)
      ffi (~> 1.0, >= 1.0.11)
    cucumber (2.0.0)
      builder (>= 2.1.2)
      cucumber-core (~> 1.1.3)
      diff-lcs (>= 1.1.3)
      gherkin (~> 2.12)
      multi_json (>= 1.7.5, < 2.0)
      multi_test (>= 0.1.2)
    cucumber-core (1.1.3)
      gherkin (~> 2.12.0)
    deep_merge (1.0.1)
    diff-lcs (1.2.5)
    facter (2.2.0)
      CFPropertyList (~> 2.2.6)
    ffi (1.9.9)
    gherkin (2.12.2)
      multi_json (~> 1.3)
    gli (2.13.1)
    hiera (1.3.4)
      json_pure
    iniparse (1.4.0)
    json (1.8.3)
    json_pure (1.8.1)
    jwt (1.5.1)
    little-plugger (1.1.3)
    logging (1.8.2)
      little-plugger (>= 1.1.3)
      multi_json (>= 1.8.4)
    multi_json (1.11.1)
    multi_test (0.1.2)
    puppet (3.7.0)
      facter (> 1.6, < 3)
      hiera (~> 1.0)
      json_pure
    rake (10.4.2)
    rdoc (4.2.0)
      json (~> 1.4)
    rspec-expectations (3.3.0)
      diff-lcs (>= 1.2.0, < 2.0)
      rspec-support (~> 3.3.0)
    rspec-support (3.3.0)

PLATFORMS
  ruby

DEPENDENCIES
  aruba
  autosign!
  puppet
  rake
  rdoc
