PATH
  remote: .
  specs:
    autosign (0.0.1)
      deep_merge
      gli (~> 2)
      iniparse (~> 1)
      json
      jwt (~> 1)
      logging
      require_all
      yard

GEM
  remote: https://rubygems.org/
  specs:
    aruba (0.6.2)
      childprocess (>= 0.3.6)
      cucumber (>= 1.1.1)
      rspec-expectations (>= 2.7.0)
    builder (3.2.2)
    childprocess (0.5.6)
      ffi (~> 1.0, >= 1.0.11)
    cucumber (2.0.0)
      builder (>= 2.1.2)
      cucumber-core (~> 1.1.3)
      diff-lcs (>= 1.1.3)
      gherkin (~> 2.12)
      multi_json (>= 1.7.5, < 2.0)
      multi_test (>= 0.1.2)
    cucumber-core (1.1.3)
      gherkin (~> 2.12.0)
    deep_merge (1.0.1)
    diff-lcs (1.2.5)
    ffi (1.9.9)
    gherkin (2.12.2)
      multi_json (~> 1.3)
    gli (2.13.1)
    iniparse (1.4.0)
    json (1.8.3)
    jwt (1.5.1)
    little-plugger (1.1.3)
    logging (2.0.0)
      little-plugger (~> 1.1)
      multi_json (~> 1.10)
    multi_json (1.11.1)
    multi_test (0.1.2)
    rake (10.4.2)
    rdoc (4.2.0)
      json (~> 1.4)
    require_all (1.3.2)
    rspec-expectations (3.3.0)
      diff-lcs (>= 1.2.0, < 2.0)
      rspec-support (~> 3.3.0)
    rspec-support (3.3.0)
    yard (0.8.7.6)

PLATFORMS
  ruby

DEPENDENCIES
  aruba
  autosign!
  cucumber
  rake
  rdoc
